GEM
  remote: https://rubygems.org/
  specs:
    bigdecimal (3.1.4)
    mustermann (3.0.0)
      ruby2_keywords (~> 0.0.1)
    rack (2.2.8)
    rack-protection (3.1.0)
      rack (~> 2.2, >= 2.2.4)
    ruby-mysql (4.0.0)
    ruby2_keywords (0.0.5)
    sequel (5.72.0)
      bigdecimal
    sinatra (3.1.0)
      mustermann (~> 3.0)
      rack (~> 2.2, >= 2.2.4)
      rack-protection (= 3.1.0)
      tilt (~> 2.0)
    slim (5.1.1)
      temple (~> 0.10.0)
      tilt (>= 2.1.0)
    temple (0.10.2)
    tilt (2.3.0)
    webrick (1.8.1)

PLATFORMS
  arm64-linux
  x86_64-linux

DEPENDENCIES
  ruby-mysql
  sequel
  sinatra
  slim
  webrick

BUNDLED WITH
   2.4.10
