GEM
  remote: https://rubygems.org/
  specs:
    backports (3.15.0)
    coderay (1.1.2)
    method_source (0.9.2)
    multi_json (1.14.1)
    mustermann (1.0.3)
    pry (0.12.2)
      coderay (~> 1.1.0)
      method_source (~> 0.9.0)
    rack (2.0.8)
    rack-protection (2.0.7)
      rack
    ruby-mysql (2.9.14)
    sequel (5.27.0)
    sinatra (2.0.7)
      mustermann (~> 1.0)
      rack (~> 2.0)
      rack-protection (= 2.0.7)
      tilt (~> 2.0)
    sinatra-contrib (2.0.7)
      backports (>= 2.8.2)
      multi_json
      mustermann (~> 1.0)
      rack-protection (= 2.0.7)
      sinatra (= 2.0.7)
      tilt (~> 2.0)
    slim (4.0.1)
      temple (>= 0.7.6, < 0.9)
      tilt (>= 2.0.6, < 2.1)
    temple (0.8.2)
    tilt (2.0.10)

PLATFORMS
  ruby

DEPENDENCIES
  pry
  ruby-mysql
  sequel
  sinatra
  sinatra-contrib
  slim

BUNDLED WITH
   1.17.2
