GEM
  remote: https://rubygems.org/
  specs:
    coderay (1.1.3)
    method_source (1.0.0)
    mustermann (3.0.0)
      ruby2_keywords (~> 0.0.1)
    pry (0.14.1)
      coderay (~> 1.1)
      method_source (~> 1.0)
    rack (2.2.4)
    rack-protection (3.0.5)
      rack
    ruby-mysql (4.0.0)
    ruby2_keywords (0.0.5)
    sequel (5.63.0)
    sinatra (3.0.5)
      mustermann (~> 3.0)
      rack (~> 2.2, >= 2.2.4)
      rack-protection (= 3.0.5)
      tilt (~> 2.0)
    slim (4.1.0)
      temple (>= 0.7.6, < 0.9)
      tilt (>= 2.0.6, < 2.1)
    temple (0.8.2)
    tilt (2.0.11)
    webrick (1.7.0)

PLATFORMS
  ruby

DEPENDENCIES
  pry
  ruby-mysql
  sequel
  sinatra
  slim
  webrick

BUNDLED WITH
   2.3.26
