GEM
  remote: https://rubygems.org/
  specs:
    backports (3.6.8)
    multi_json (1.12.0)
    rack (1.6.4)
    rack-protection (1.5.3)
      rack
    rack-test (0.6.3)
      rack (>= 1.0)
    ruby-mysql (2.9.14)
    sequel (4.34.0)
    sinatra (1.4.7)
      rack (~> 1.5)
      rack-protection (~> 1.4)
      tilt (>= 1.3, < 3)
    sinatra-contrib (1.4.7)
      backports (>= 2.0)
      multi_json
      rack-protection
      rack-test
      sinatra (~> 1.4.0)
      tilt (>= 1.3, < 3)
    sinatra-reloader (1.0)
      sinatra-contrib
    slim (3.0.6)
      temple (~> 0.7.3)
      tilt (>= 1.3.3, < 2.1)
    temple (0.7.6)
    tilt (2.0.2)

PLATFORMS
  java

DEPENDENCIES
  ruby-mysql
  sequel
  sinatra
  sinatra-reloader
  slim

BUNDLED WITH
   1.11.2
